GEM
  remote: https://rubygems.org/
  specs:
    bookingit (0.4.2)
      gli
      mustache
      redcarpet (= 3.1.1)
    gli (2.12.2)
    mustache (0.99.7)
    redcarpet (3.1.1)
    sass (3.4.7)

PLATFORMS
  ruby

DEPENDENCIES
  bookingit
  redcarpet (= 3.1.1)
  sass
